GEM
  remote: https://rubygems.org/
  specs:
    capistrano (2.15.5)
      highline
      net-scp (>= 1.0.0)
      net-sftp (>= 2.0.0)
      net-ssh (>= 2.0.14)
      net-ssh-gateway (>= 1.1.0)
    capistrano_colors (0.5.5)
    capper (2.0.0)
      capistrano
      capistrano_colors
      dedent
      erubis
      rvm-capistrano
    dedent (0.0.2)
    erubis (2.7.0)
    ffi (1.9.0)
    highline (1.6.19)
    listen (1.1.6)
      rb-fsevent (>= 0.9.3)
      rb-inotify (>= 0.9)
      rb-kqueue (>= 0.2)
    net-scp (1.1.2)
      net-ssh (>= 2.6.5)
    net-sftp (2.1.2)
      net-ssh (>= 2.6.5)
    net-ssh (2.6.8)
    net-ssh-gateway (1.2.0)
      net-ssh (>= 2.6.5)
    rb-fsevent (0.9.3)
    rb-inotify (0.9.1)
      ffi (>= 0.5.0)
    rb-kqueue (0.2.0)
      ffi (>= 0.5.0)
    rvm-capistrano (1.4.4)
      capistrano (>= 2.15.4)
    sass (3.3.0.alpha.231)
      listen (~> 1.1.0)

PLATFORMS
  ruby

DEPENDENCIES
  capper
  sass (= 3.3.0.alpha.231)
